GEM
  remote: https://rubygems.org/
  specs:
    base64 (0.2.0)
    daemons (1.4.1)
    eventmachine (1.2.7)
    kgio (2.11.4)
    mustermann (3.0.3)
      ruby2_keywords (~> 0.0.1)
    rack (2.2.10)
    rack-protection (3.2.0)
      base64 (>= 0.1.0)
      rack (~> 2.2, >= 2.2.4)
    raindrops (0.20.1)
    ruby2_keywords (0.0.5)
    sinatra (3.2.0)
      mustermann (~> 3.0)
      rack (~> 2.2, >= 2.2.4)
      rack-protection (= 3.2.0)
      tilt (~> 2.0)
    thin (1.8.2)
      daemons (~> 1.0, >= 1.0.9)
      eventmachine (~> 1.0, >= 1.0.4)
      rack (>= 1, < 3)
    tilt (2.4.0)
    unicorn (6.1.0)
      kgio (~> 2.6)
      raindrops (~> 0.7)

PLATFORMS
  arm64-darwin-23
  ruby

DEPENDENCIES
  sinatra
  thin
  unicorn

BUNDLED WITH
   2.5.23
